PATH
  remote: .
  specs:
    pretty-git (0.1.4)
      csv (>= 3.0, < 5.0)
      rexml (>= 3.2, < 4.0)

GEM
  remote: https://rubygems.org/
  specs:
    ast (2.4.3)
    base64 (0.3.0)
    bigdecimal (3.2.2)
    chef-utils (18.8.9)
      concurrent-ruby
    concurrent-ruby (1.3.5)
    csv (3.3.5)
    diff-lcs (1.6.2)
    ecma-re-validator (0.4.0)
      regexp_parser (~> 2.2)
    hana (1.3.7)
    json (2.13.2)
    json_schemer (0.2.25)
      ecma-re-validator (~> 0.3)
      hana (~> 1.3)
      regexp_parser (~> 2.0)
      simpleidn (~> 0.2)
      uri_template (~> 0.7)
    kramdown (2.5.1)
      rexml (>= 3.3.9)
    kramdown-parser-gfm (1.1.0)
      kramdown (~> 2.0)
    language_server-protocol (3.17.0.5)
    lint_roller (1.1.0)
    mdl (0.13.0)
      kramdown (~> 2.3)
      kramdown-parser-gfm (~> 1.1)
      mixlib-cli (~> 2.1, >= 2.1.1)
      mixlib-config (>= 2.2.1, < 4)
      mixlib-shellout
    mini_portile2 (2.8.9)
    mixlib-cli (2.1.8)
    mixlib-config (3.0.27)
      tomlrb
    mixlib-shellout (3.3.9)
      chef-utils
    nokogiri (1.18.9)
      mini_portile2 (~> 2.8.2)
      racc (~> 1.4)
    nokogiri (1.18.9-arm64-darwin)
      racc (~> 1.4)
    nokogiri (1.18.9-x86_64-linux-gnu)
      racc (~> 1.4)
    parallel (1.27.0)
    parser (3.3.9.0)
      ast (~> 2.4.1)
      racc
    prism (1.4.0)
    racc (1.8.1)
    rainbow (3.1.1)
    rake (13.3.0)
    regexp_parser (2.11.1)
    rexml (3.4.0)
    rspec (3.13.1)
      rspec-core (~> 3.13.0)
      rspec-expectations (~> 3.13.0)
      rspec-mocks (~> 3.13.0)
    rspec-core (3.13.5)
      rspec-support (~> 3.13.0)
    rspec-expectations (3.13.5)
      diff-lcs (>= 1.2.0, < 2.0)
      rspec-support (~> 3.13.0)
    rspec-mocks (3.13.5)
      diff-lcs (>= 1.2.0, < 2.0)
      rspec-support (~> 3.13.0)
    rspec-support (3.13.4)
    rubocop (1.79.2)
      json (~> 2.3)
      language_server-protocol (~> 3.17.0.2)
      lint_roller (~> 1.1.0)
      parallel (~> 1.10)
      parser (>= 3.3.0.2)
      rainbow (>= 2.2.2, < 4.0)
      regexp_parser (>= 2.9.3, < 3.0)
      rubocop-ast (>= 1.46.0, < 2.0)
      ruby-progressbar (~> 1.7)
      unicode-display_width (>= 2.4.0, < 4.0)
    rubocop-ast (1.46.0)
      parser (>= 3.3.7.2)
      prism (~> 1.4)
    rubocop-rspec (3.6.0)
      lint_roller (~> 1.1)
      rubocop (~> 1.72, >= 1.72.1)
    ruby-progressbar (1.13.0)
    simpleidn (0.2.3)
    tomlrb (2.0.3)
    unicode-display_width (3.1.4)
      unicode-emoji (~> 4.0, >= 4.0.4)
    unicode-emoji (4.0.4)
    uri_template (0.7.0)

PLATFORMS
  arm64-darwin-24
  ruby
  x86_64-linux

DEPENDENCIES
  base64
  bigdecimal
  json_schemer (~> 0.2)
  mdl (~> 0.13)
  nokogiri (~> 1.16)
  pretty-git!
  rake (~> 13.2)
  rspec (~> 3.13)
  rubocop (~> 1.66)
  rubocop-rspec (~> 3.0)

BUNDLED WITH
   2.7.1
